GEM
  remote: https://rubygems.org/
  specs:
    after_do (0.4.0)
    diff-lcs (1.3)
    furoshiki (0.6.1)
      plist
      rubyzip (>= 1.0.0)
      warbler (~> 2.0.4)
    jruby-jars (9.2.7.0)
    jruby-rack (1.1.21)
    nokogiri (1.6.4.1-java)
    plist (3.5.0)
    rake (12.3.2)
    rspec (3.8.0)
      rspec-core (~> 3.8.0)
      rspec-expectations (~> 3.8.0)
      rspec-mocks (~> 3.8.0)
    rspec-core (3.8.0)
      rspec-support (~> 3.8.0)
    rspec-expectations (3.8.3)
      diff-lcs (>= 1.2.0, < 2.0)
      rspec-support (~> 3.8.0)
    rspec-mocks (3.8.0)
      diff-lcs (>= 1.2.0, < 2.0)
      rspec-support (~> 3.8.0)
    rspec-support (3.8.0)
    rubyzip (1.2.2)
    shoes (4.0.0.rc1)
      shoes-core (= 4.0.0.rc1)
      shoes-manual (~> 4.0.0, >= 4.0.0)
      shoes-swt (= 4.0.0.rc1)
    shoes-core (4.0.0.rc1)
    shoes-highlighter (1.0.1)
    shoes-manual (4.0.1)
      nokogiri (~> 1.6.4.1, >= 1.6.4.1)
      shoes-highlighter (~> 1.0, >= 1.0.0)
    shoes-package (4.0.0.rc1)
      bundler
      furoshiki (~> 0.6.0)
      shoes-core (= 4.0.0.rc1)
    shoes-swt (4.0.0.rc1)
      after_do (~> 0.4.0)
      shoes-core (= 4.0.0.rc1)
      shoes-package (= 4.0.0.rc1)
      swt (~> 4.6.1.1)
    swt (4.6.1.1)
    warbler (2.0.5)
      jruby-jars (>= 9.0.0.0)
      jruby-rack (>= 1.1.1, < 1.3)
      rake (>= 10.1.0)
      rubyzip (~> 1.0, < 1.4)

PLATFORMS
  java

DEPENDENCIES
  rake
  rspec
  shoes (>= 4.0.0.rc1)

BUNDLED WITH
   2.0.1
